PATH
  remote: .
  specs:
    lumberg (0.0.1)
      json

GEM
  remote: http://rubygems.org/
  specs:
    diff-lcs (1.1.2)
    fakeweb (1.3.0)
    json (1.5.1)
    rspec (2.5.0)
      rspec-core (~> 2.5.0)
      rspec-expectations (~> 2.5.0)
      rspec-mocks (~> 2.5.0)
    rspec-core (2.5.1)
    rspec-expectations (2.5.0)
      diff-lcs (~> 1.1.2)
    rspec-mocks (2.5.0)
    vcr (1.6.0)

PLATFORMS
  ruby

DEPENDENCIES
  fakeweb
  lumberg!
  rspec
  vcr
